PATH
  remote: .
  specs:
    seapig-server (0.0.1)
      hana
      jsondiff
      websocket-eventmachine-server

GEM
  remote: https://rubygems.org/
  specs:
    eventmachine (1.0.9.1)
    hana (1.3.1)
    jsondiff (0.0.5)
    rake (10.5.0)
    rdoc (4.2.0)
    websocket (1.2.2)
    websocket-eventmachine-base (1.2.0)
      eventmachine (~> 1.0)
      websocket (~> 1.0)
      websocket-native (~> 1.0)
    websocket-eventmachine-server (1.0.1)
      websocket-eventmachine-base (~> 1.0)
    websocket-native (1.0.0)

PLATFORMS
  ruby

DEPENDENCIES
  hana
  rake
  rdoc
  seapig-server!
